GEM
  remote: https://rubygems.org/
  specs:
    atk (2.0.2)
      glib2 (= 2.0.2)
    cairo (1.12.6)
      pkg-config
    coderay (1.0.9)
    faraday (0.8.7)
      multipart-post (~> 1.1)
    gdk_pixbuf2 (2.0.2)
      glib2 (= 2.0.2)
    gettext (2.3.9)
      locale
      text
    glib2 (2.0.2)
      pkg-config
    gtk2 (2.0.2)
      atk (= 2.0.2)
      gdk_pixbuf2 (= 2.0.2)
      pango (= 2.0.2)
    haml (4.0.3)
      tilt
    hikidoc (0.0.6)
    kramdown (1.0.2)
    locale (2.0.8)
    mini_portile (0.5.0)
    multipart-post (1.2.0)
    nokogiri (1.6.0)
      mini_portile (~> 0.5.0)
    pango (2.0.2)
      cairo (>= 1.12.5)
      glib2 (= 2.0.2)
    pkg-config (1.1.4)
    poppler (2.0.2)
    rabbit (2.1.0)
      coderay (>= 1.0.0)
      faraday
      gettext
      gtk2
      hikidoc
      kramdown
      nokogiri
      poppler
      rdtool
      rsvg2
      rttool
    rabbit-theme-clear-code (1.0.3)
      rabbit (>= 2.0.2)
    rabbit-theme-nyankosakana (1.0.1)
      rabbit (>= 2.0.2)
    rabbit-theme-rurema (1.1.2)
      rabbit (>= 2.0.2)
    rabbit-theme-sprk2012 (1.0.1)
      rabbit (>= 2.0.2)
    rack (1.5.2)
    rack-protection (1.5.0)
      rack
    rdtool (0.6.38)
    rsvg2 (2.0.2)
      cairo (>= 1.10.0)
      gdk_pixbuf2 (= 2.0.2)
    rttool (1.0.3.0)
    sinatra (1.4.3)
      rack (~> 1.4)
      rack-protection (~> 1.4)
      tilt (~> 1.3, >= 1.3.4)
    text (1.2.1)
    tilt (1.4.1)

PLATFORMS
  ruby

DEPENDENCIES
  haml
  rabbit
  rabbit-theme-clear-code
  rabbit-theme-nyankosakana
  rabbit-theme-rurema
  rabbit-theme-sprk2012
  sinatra
